GEM
  remote: https://rubygems.org/
  specs:
    mini_portile (0.5.1)
    nokogiri (1.6.0)
      mini_portile (~> 0.5.0)
    rake (12.3.3)

PLATFORMS
  ruby

DEPENDENCIES
  nokogiri (~> 1.6.0)
  rake (~> 12.3.3)
